GEM
  remote: https://rubygems.org/
  specs:
    minitest (5.14.0)

PLATFORMS
  ruby

DEPENDENCIES
  minitest (~> 5.4)

BUNDLED WITH
   2.1.4
