PATH
  remote: .
  specs:
    retest (2.0.0)
      listen (~> 3.9)
      observer (~> 0.1)
      string-similarity (~> 2.1)
      tty-option (~> 0.1)
      tty-prompt (~> 0.1)

GEM
  remote: https://rubygems.org/
  specs:
    byebug (11.1.3)
    ffi (1.17.0)
    listen (3.9.0)
      rb-fsevent (~> 0.10, >= 0.10.3)
      rb-inotify (~> 0.9, >= 0.9.10)
    minitest (5.15.0)
    observer (0.1.2)
    pastel (0.8.0)
      tty-color (~> 0.5)
    rake (13.0.6)
    rb-fsevent (0.11.2)
    rb-inotify (0.11.1)
      ffi (~> 1.0)
    string-similarity (2.1.0)
    tty-color (0.6.0)
    tty-cursor (0.7.1)
    tty-option (0.3.0)
    tty-prompt (0.23.1)
      pastel (~> 0.8)
      tty-reader (~> 0.8)
    tty-reader (0.9.0)
      tty-cursor (~> 0.7)
      tty-screen (~> 0.8)
      wisper (~> 2.0)
    tty-screen (0.8.2)
    wisper (2.0.1)

PLATFORMS
  ruby

DEPENDENCIES
  byebug
  minitest (~> 5.0)
  rake (~> 13.0)
  retest!

BUNDLED WITH
   2.3.27
