PATH
  remote: .
  specs:
    retest (1.6.1)
      listen (~> 3.2)
      string-similarity (~> 2.1)
      tty-option (~> 0.1)

GEM
  remote: https://rubygems.org/
  specs:
    byebug (11.1.3)
    ffi (1.15.5)
    listen (3.7.1)
      rb-fsevent (~> 0.10, >= 0.10.3)
      rb-inotify (~> 0.9, >= 0.9.10)
    minitest (5.15.0)
    rake (12.3.3)
    rb-fsevent (0.11.1)
    rb-inotify (0.10.1)
      ffi (~> 1.0)
    string-similarity (2.1.0)
    tty-option (0.2.0)

PLATFORMS
  ruby

DEPENDENCIES
  byebug
  minitest (~> 5.0)
  rake (~> 12.0)
  retest!

BUNDLED WITH
   2.1.4
