PATH
  remote: .
  specs:
    retest (0.1.1)
      listen (~> 3.2)
      string-similarity (~> 2.1)

GEM
  remote: https://rubygems.org/
  specs:
    ffi (1.13.1)
    listen (3.2.1)
      rb-fsevent (~> 0.10, >= 0.10.3)
      rb-inotify (~> 0.9, >= 0.9.10)
    minitest (5.14.1)
    rake (12.3.3)
    rb-fsevent (0.10.4)
    rb-inotify (0.10.1)
      ffi (~> 1.0)
    string-similarity (2.1.0)

PLATFORMS
  ruby

DEPENDENCIES
  minitest (~> 5.0)
  rake (~> 12.0)
  retest!

BUNDLED WITH
   2.1.4
