PATH
  remote: .
  specs:
    bundler_app (0.1.0)

GEM
  remote: https://rubygems.org/
  specs:
    minitest (5.20.0)
    rake (13.0.6)

PLATFORMS
  ruby

DEPENDENCIES
  bundler_app!
  minitest (~> 5.0)
  rake (~> 13.0)

BUNDLED WITH
   2.3.22
