GEM
  remote: https://rubygems.org/
  specs:
    byebug (11.1.3)
    minitest (5.14.0)

PLATFORMS
  ruby

DEPENDENCIES
  byebug
  minitest (~> 5.4)

BUNDLED WITH
   2.4.21
